GEM
  remote: http://rubygems.org/
  remote: http://rubygems.org/
  specs:
    GData (0.0.4)
      builder (>= 2.1.2)
      hoe (>= 1.2.1)
    awesome_print (1.1.0)
    builder (3.1.3)
    hoe (3.1.0)
      rake (~> 0.8)
    hpricot (0.8.6)
    parseexcel (0.5.2)
    rake (0.9.2.2)
    roo (1.2.3)
      GData (>= 0.0.3)
      hpricot (>= 0.5)
      parseexcel (>= 0.5.2)
      rubyzip (>= 0.9.1)
    ruby-ole (1.2.11.4)
    rubyzip (0.9.9)
    spreadsheet (0.7.4)
      ruby-ole (>= 1.0)

PLATFORMS
  ruby

DEPENDENCIES
  awesome_print
  roo (= 1.2.3)
  spreadsheet
